GEM
  remote: https://rubygems.org/
  specs:
    autoprefixer-rails (6.1.2)
      execjs
      json
    bootstrap (4.0.0.alpha2)
      autoprefixer-rails (>= 6.0.3)
      sass (>= 3.4.19)
    execjs (2.6.0)
    json (1.8.3)
    sass (3.4.19)

PLATFORMS
  ruby

DEPENDENCIES
  bootstrap (>= 4.0.0.alpha2)
  sass (~> 3.4, >= 3.4.19)

BUNDLED WITH
   1.10.4
